PATH
  remote: .
  specs:
    ruby_fly (0.9.0)
      lino (~> 1.1)

GEM
  remote: https://rubygems.org/
  specs:
    concurrent-ruby (1.1.3)
    diff-lcs (1.3)
    gem-release (2.0.1)
    hamster (3.0.0)
      concurrent-ruby (~> 1.0)
    lino (1.1.0)
      hamster (~> 3.0)
      open4 (~> 1.3)
    open4 (1.3.4)
    rake (12.3.1)
    rspec (3.8.0)
      rspec-core (~> 3.8.0)
      rspec-expectations (~> 3.8.0)
      rspec-mocks (~> 3.8.0)
    rspec-core (3.8.0)
      rspec-support (~> 3.8.0)
    rspec-expectations (3.8.2)
      diff-lcs (>= 1.2.0, < 2.0)
      rspec-support (~> 3.8.0)
    rspec-mocks (3.8.0)
      diff-lcs (>= 1.2.0, < 2.0)
      rspec-support (~> 3.8.0)
    rspec-support (3.8.0)

PLATFORMS
  ruby

DEPENDENCIES
  bundler (~> 1.17)
  gem-release (~> 2.0)
  rake (~> 12.3)
  rspec (~> 3.8)
  ruby_fly!

BUNDLED WITH
   1.17.3
